{
  "InstitutionAddress": "Centre de Recherche Cerveau et Cognition, Place du Docteur Baylac, Pavillon Baudot, 31059 Toulouse, France",
  "InstitutionName": "Paul Sabatier University",
  "InstitutionalDepartmentName": "Centre de Recherche Cerveau et Cognition",
  "PowerLineFrequency": 50,
  "ManufacturersModelName": "ActiveTwo",
  "TaskName": "meditation",
  "EEGReference": "CMS/DRL",
  "Manufacturer": "BIOSEMI",
  "EEGChannelCount": 64,
  "MiscChannelCount": 10,
  "TriggerChannelCount": 0,
  "RecordingType": "continuous",
  "RecordingDuration": 2717,
  "SamplingFrequency": 256,
  "EOGChannelCount": 0,
  "ECGChannelCount": 0,
  "EMGChannelCount": 0,
  "SoftwareFilters": "n/a"
}
